GEM
  remote: https://rubygems.org/
  specs:
    amq-protocol (2.0.1)
    bunny (2.5.0)
      amq-protocol (>= 2.0.1)
    serialport (1.3.1)

PLATFORMS
  ruby

DEPENDENCIES
  bunny
  serialport

BUNDLED WITH
   1.12.5
